GEM
  remote: https://rubygems.org/
  specs:
    CFPropertyList (2.3.6)
    activesupport (6.1.3)
      concurrent-ruby (~> 1.0, >= 1.0.2)
      i18n (>= 1.6, < 2)
      minitest (>= 5.1)
      tzinfo (~> 2.0)
      zeitwerk (~> 2.3)
    addressable (2.8.0)
      public_suffix (>= 2.0.2, < 5.0)
    ansi (1.5.0)
    ast (2.4.2)
    aws-eventstream (1.1.0)
    aws-partitions (1.428.0)
    aws-sdk-core (3.112.0)
      aws-eventstream (~> 1, >= 1.0.2)
      aws-partitions (~> 1, >= 1.239.0)
      aws-sigv4 (~> 1.1)
      jmespath (~> 1.0)
    aws-sdk-ec2 (1.225.0)
      aws-sdk-core (~> 3, >= 3.112.0)
      aws-sigv4 (~> 1.1)
    aws-sigv4 (1.2.2)
      aws-eventstream (~> 1, >= 1.0.2)
    beaker (4.26.0)
      beaker-hostgenerator
      hocon (~> 1.0)
      in-parallel (~> 0.1)
      inifile (~> 3.0)
      minitar (~> 0.6)
      minitest (~> 5.4)
      net-scp (~> 1.2)
      net-ssh (>= 5.0)
      open_uri_redirections (~> 0.2.1)
      pry-byebug (~> 3.6)
      rb-readline (~> 0.5.3)
      rsync (~> 1.0.9)
      stringify-hash (~> 0.0)
      thor (>= 1.0.1, < 2.0)
    beaker-abs (0.8.1)
      beaker (~> 4.0)
      vmfloaty (>= 1.0, < 1.2)
    beaker-answers (0.28.0)
      hocon (~> 1.0)
      require_all (~> 1.3.2)
      stringify-hash (~> 0.0.0)
    beaker-aws (0.9.0)
      aws-partitions (~> 1.91)
      aws-sdk-ec2 (~> 1.35)
      stringify-hash (~> 0.0.0)
    beaker-docker (0.7.1)
      docker-api (< 2.0.0)
      stringify-hash (~> 0.0.0)
    beaker-google (0.2.1)
      google-api-client (~> 0.8)
      stringify-hash (~> 0.0.0)
    beaker-hostgenerator (1.2.10)
      deep_merge (~> 1.0)
      stringify-hash (~> 0.0.0)
    beaker-i18n_helper (1.1.0)
    beaker-module_install_helper (0.1.7)
      beaker (>= 2.0)
    beaker-openstack (0.3.0)
      fog-openstack (~> 1.0.0)
      stringify-hash (~> 0.0.0)
    beaker-pe (2.11.11)
      beaker (~> 4.0)
      beaker-abs
      beaker-answers (~> 0.0)
      beaker-puppet (~> 1.0)
      beaker-vmpooler (~> 1.0)
      stringify-hash (~> 0.0.0)
    beaker-puppet (1.21.0)
      beaker (~> 4.1)
      in-parallel (~> 0.1)
      oga
      stringify-hash (~> 0.0.0)
    beaker-puppet_install_helper (0.9.8)
      beaker (~> 4.0)
      beaker-pe (~> 2.0)
    beaker-rspec (6.2.4)
      beaker (> 3.0)
      rspec (~> 3.0)
      serverspec (~> 2)
      specinfra (~> 2)
    beaker-task_helper (1.8.0)
    beaker-vagrant (0.6.6)
      stringify-hash (~> 0.0.0)
    beaker-vcloud (1.0.0)
      beaker-vmware
      rbvmomi (~> 1.9)
      stringify-hash (~> 0.0.0)
    beaker-vmpooler (1.3.3)
      stringify-hash (~> 0.0.0)
    beaker-vmware (0.3.0)
      fission (~> 0.4)
      rbvmomi (~> 1.9)
      stringify-hash (~> 0.0.0)
    builder (3.2.4)
    byebug (11.1.3)
    codecov (0.1.21)
      json
      simplecov
    coderay (1.1.3)
    colorize (0.8.1)
    commander (4.5.2)
      highline (~> 2.0.0)
    concurrent-ruby (1.1.8)
    declarative (0.0.20)
    declarative-option (0.1.0)
    deep_merge (1.2.1)
    dependency_checker (0.2.0)
      parallel
      puppet_forge (~> 2.2)
      rake (~> 12.3)
      semantic_puppet (~> 1.0)
    diff-lcs (1.4.4)
    docile (1.3.5)
    docker-api (1.34.2)
      excon (>= 0.47.0)
      multi_json
    domain_name (0.5.20190701)
      unf (>= 0.0.5, < 1.0.0)
    excon (0.79.0)
    facter (2.5.7)
    facterdb (1.6.0)
      facter (< 5.0.0)
      jgrep
    faraday (0.17.4)
      multipart-post (>= 1.2, < 3)
    faraday_middleware (0.14.0)
      faraday (>= 0.7.4, < 1.0)
    fast_gettext (1.1.2)
    fission (0.5.0)
      CFPropertyList (~> 2.2)
    fog-core (2.2.3)
      builder
      excon (~> 0.71)
      formatador (~> 0.2)
      mime-types
    fog-json (1.2.0)
      fog-core
      multi_json (~> 1.10)
    fog-openstack (1.0.11)
      fog-core (~> 2.1)
      fog-json (>= 1.0)
      ipaddress (>= 0.8)
    formatador (0.2.5)
    gems (1.2.0)
    gettext (3.2.9)
      locale (>= 2.0.5)
      text (>= 1.3.0)
    gettext-setup (0.34)
      fast_gettext (~> 1.1.0)
      gettext (>= 3.0.2, < 3.3.0)
      locale
    google-api-client (0.53.0)
      google-apis-core (~> 0.1)
      google-apis-generator (~> 0.1)
    google-apis-core (0.2.1)
      addressable (~> 2.5, >= 2.5.1)
      googleauth (~> 0.14)
      httpclient (>= 2.8.1, < 3.0)
      mini_mime (~> 1.0)
      representable (~> 3.0)
      retriable (>= 2.0, < 4.0)
      rexml
      signet (~> 0.14)
      webrick
    google-apis-discovery_v1 (0.1.0)
      google-apis-core (~> 0.1)
    google-apis-generator (0.1.2)
      activesupport (>= 5.0)
      gems (~> 1.2)
      google-apis-core (~> 0.1)
      google-apis-discovery_v1 (~> 0.0)
      thor (>= 0.20, < 2.a)
    googleauth (0.15.1)
      faraday (>= 0.17.3, < 2.0)
      jwt (>= 1.4, < 3.0)
      memoist (~> 0.16)
      multi_json (~> 1.11)
      os (>= 0.9, < 2.0)
      signet (~> 0.14)
    hiera (3.6.0)
    highline (2.0.3)
    hirb (0.7.3)
    hocon (1.3.1)
    http-accept (1.7.0)
    http-cookie (1.0.3)
      domain_name (~> 0.5)
    httpclient (2.8.3)
    i18n (1.8.9)
      concurrent-ruby (~> 1.0)
    in-parallel (0.1.17)
    inifile (3.0.0)
    ipaddress (0.8.3)
    jgrep (1.5.4)
    jmespath (1.4.0)
    json (2.5.1)
    json-schema (2.8.1)
      addressable (>= 2.4)
    jwt (2.2.2)
    librarian-puppet (3.0.0)
      librarianp (>= 0.6.3)
      puppet_forge (~> 2.1)
      rsync
    librarianp (1.0.0)
      thor (~> 1.0)
    locale (2.1.3)
    master_manipulator (2.1.1)
      beaker (>= 2.7.0)
      multi_json
    memoist (0.16.2)
    metaclass (0.0.4)
    metadata-json-lint (2.4.0)
      json-schema (~> 2.8)
      spdx-licenses (~> 1.0)
    method_source (0.8.2)
    mime-types (3.3.1)
      mime-types-data (~> 3.2015)
    mime-types-data (3.2021.0212)
    mini_mime (1.0.2)
    mini_portile2 (2.5.0)
    minitar (0.9)
    minitest (5.14.3)
    mocha (1.1.0)
      metaclass (~> 0.0.1)
    multi_json (1.15.0)
    multipart-post (2.1.1)
    net-scp (1.2.1)
      net-ssh (>= 2.6.5)
    net-ssh (6.1.0)
    net-telnet (0.1.1)
    netrc (0.11.0)
    nokogiri (1.11.4)
      mini_portile2 (~> 2.5.0)
      racc (~> 1.4)
    oga (3.3)
      ast
      ruby-ll (~> 2.1)
    open_uri_redirections (0.2.1)
    os (1.1.1)
    parallel (1.20.1)
    parallel_tests (2.14.2)
      parallel
    parser (2.5.1.2)
      ast (~> 2.4.0)
    pathspec (0.2.1)
    powerpack (0.1.3)
    pry (0.10.4)
      coderay (~> 1.1.0)
      method_source (~> 0.8.1)
      slop (~> 3.4)
    pry-byebug (3.8.0)
      byebug (~> 11.0)
      pry (~> 0.10)
    public_suffix (4.0.6)
    puppet (5.5.22)
      facter (> 2.0.1, < 4)
      fast_gettext (~> 1.1.2)
      hiera (>= 3.2.1, < 4)
      locale (~> 2.1)
      multi_json (~> 1.10)
    puppet-blacksmith (6.1.0)
      puppet-modulebuilder (~> 0.2)
      rest-client (~> 2.0)
    puppet-lint (2.4.2)
    puppet-module-posix-default-r2.5 (1.1.0)
    puppet-module-posix-dev-r2.5 (0.3.15)
      codecov (~> 0.1.10)
      dependency_checker (~> 0.2)
      gettext-setup (~> 0.26)
      metadata-json-lint (>= 2.0.2, < 3.0.0)
      mocha (>= 1.0.0, < 1.2.0)
      parallel_tests (>= 2.14.1, < 2.14.3)
      parser (~> 2.5.1.2)
      pry (~> 0.10.4)
      puppet-blacksmith (>= 3.4.0)
      puppet-lint (>= 2.3.0, < 3.0.0)
      puppet-strings (~> 2.0)
      puppet-syntax (>= 2.4.1, < 3.0.0)
      puppet_pot_generator (~> 1.0)
      puppetlabs_spec_helper (>= 2.9.0, < 3.0.0)
      rainbow (~> 2.0)
      rspec-puppet (>= 2.3.2, < 3.0.0)
      rspec-puppet-facts (~> 1.8)
      rspec_junit_formatter (~> 0.2)
      rubocop (~> 0.49.0)
      rubocop-i18n (~> 1.2.0)
      rubocop-rspec (~> 1.16.0)
      simplecov (>= 0.14.1, < 1.0.0)
      simplecov-console (~> 0.4.2)
      specinfra (= 2.77.1)
    puppet-module-posix-system-r2.5 (0.5.3)
      beaker (>= 4.0.0, < 5.0.0)
      beaker-abs (>= 0.4.0, < 1.0.0)
      beaker-aws (>= 0.6.0, < 1.0.0)
      beaker-docker (>= 0.3.3, < 1.0.0)
      beaker-google (>= 0.1.0, < 1.0.0)
      beaker-hostgenerator (>= 1.1.14, < 2.0.0)
      beaker-i18n_helper (~> 1.1)
      beaker-module_install_helper (>= 0.1.4, < 1.0.0)
      beaker-openstack (>= 0.2.0, < 1.0.0)
      beaker-pe (>= 2.0.0, < 3.0.0)
      beaker-puppet (>= 1.6.0, < 2.0.0)
      beaker-puppet_install_helper (>= 0.7.1, < 1.0.0)
      beaker-rspec (>= 6.2.4, < 7.0.0)
      beaker-task_helper (>= 1.1.0, < 2.0.0)
      beaker-vagrant (>= 0.5.0, < 1.0.0)
      beaker-vcloud (>= 1.0.0, < 2.0.0)
      beaker-vmpooler (>= 1.3.0, < 2.0.0)
      beaker-vmware (>= 0.3.0, < 1.0.0)
      master_manipulator (>= 2.1.1, < 3.0.0)
    puppet-modulebuilder (0.2.1)
      minitar (~> 0.6)
      pathspec (~> 0.2.1)
    puppet-strings (2.6.0)
      rgen
      yard (~> 0.9.5)
    puppet-syntax (2.6.1)
      puppet (>= 5)
      rake
    puppet_forge (2.3.4)
      faraday (>= 0.9.0, < 0.18.0, != 0.13.1)
      faraday_middleware (>= 0.9.0, < 0.15.0)
      gettext-setup (~> 0.11)
      minitar
      semantic_puppet (~> 1.0)
    puppet_pot_generator (1.0.1)
      puppet
    puppetlabs_spec_helper (2.16.0)
      mocha (~> 1.0)
      pathspec (>= 0.2.1, < 1.1.0)
      puppet-lint (~> 2.0)
      puppet-syntax (>= 2.0, < 4)
      rspec-puppet (~> 2.0)
    racc (1.5.2)
    rainbow (2.2.2)
      rake
    rake (12.3.3)
    rb-readline (0.5.5)
    rbvmomi (1.13.0)
      builder (~> 3.0)
      json (>= 1.8)
      nokogiri (~> 1.5)
      trollop (~> 2.1)
    representable (3.0.4)
      declarative (< 0.1.0)
      declarative-option (< 0.2.0)
      uber (< 0.2.0)
    require_all (1.3.3)
    rest-client (2.1.0)
      http-accept (>= 1.7.0, < 2.0)
      http-cookie (>= 1.0.2, < 2.0)
      mime-types (>= 1.16, < 4.0)
      netrc (~> 0.8)
    retriable (3.1.2)
    rexml (3.2.4)
    rgen (0.8.2)
    rspec (3.10.0)
      rspec-core (~> 3.10.0)
      rspec-expectations (~> 3.10.0)
      rspec-mocks (~> 3.10.0)
    rspec-core (3.10.1)
      rspec-support (~> 3.10.0)
    rspec-expectations (3.10.1)
      diff-lcs (>= 1.2.0, < 2.0)
      rspec-support (~> 3.10.0)
    rspec-its (1.3.0)
      rspec-core (>= 3.0.0)
      rspec-expectations (>= 3.0.0)
    rspec-mocks (3.10.2)
      diff-lcs (>= 1.2.0, < 2.0)
      rspec-support (~> 3.10.0)
    rspec-puppet (2.8.0)
      rspec
    rspec-puppet-facts (1.10.0)
      facter
      facterdb (>= 0.5.0)
      json
      puppet
    rspec-support (3.10.2)
    rspec_junit_formatter (0.4.1)
      rspec-core (>= 2, < 4, != 2.12.0)
    rsync (1.0.9)
    rubocop (0.49.1)
      parallel (~> 1.10)
      parser (>= 2.3.3.1, < 3.0)
      powerpack (~> 0.1)
      rainbow (>= 1.99.1, < 3.0)
      ruby-progressbar (~> 1.7)
      unicode-display_width (~> 1.0, >= 1.0.1)
    rubocop-i18n (1.2.0)
      rubocop (~> 0.49.0)
    rubocop-rspec (1.16.0)
      rubocop (>= 0.49.0)
    ruby-ll (2.1.2)
      ansi
      ast
    ruby-progressbar (1.11.0)
    semantic_puppet (1.0.3)
    serverspec (2.41.5)
      multi_json
      rspec (~> 3.0)
      rspec-its
      specinfra (~> 2.72)
    sfl (2.3)
    signet (0.14.1)
      addressable (~> 2.3)
      faraday (>= 0.17.3, < 2.0)
      jwt (>= 1.5, < 3.0)
      multi_json (~> 1.10)
    simplecov (0.21.2)
      docile (~> 1.1)
      simplecov-html (~> 0.11)
      simplecov_json_formatter (~> 0.1)
    simplecov-console (0.4.2)
      ansi
      hirb
      simplecov
    simplecov-html (0.12.3)
    simplecov_json_formatter (0.1.2)
    slop (3.6.0)
    spdx-licenses (1.3.0)
    specinfra (2.77.1)
      net-scp
      net-ssh (>= 2.7)
      net-telnet (= 0.1.1)
      sfl
    stringify-hash (0.0.2)
    text (1.3.1)
    thor (1.1.0)
    trollop (2.9.10)
    tzinfo (2.0.4)
      concurrent-ruby (~> 1.0)
    uber (0.1.0)
    unf (0.1.4)
      unf_ext
    unf_ext (0.0.7.7)
    unicode-display_width (1.7.0)
    vmfloaty (1.1.1)
      colorize (~> 0.8.1)
      commander (>= 4.4.3, < 4.6.0)
      faraday (~> 0.17.0)
    webrick (1.7.0)
    yard (0.9.26)
    zeitwerk (2.4.2)

PLATFORMS
  ruby

DEPENDENCIES
  beaker (>= 3)
  beaker-abs (~> 0.1)
  beaker-hostgenerator
  beaker-pe
  beaker-rspec
  fast_gettext
  librarian-puppet
  puppet (~> 5.5)
  puppet-module-posix-default-r2.5
  puppet-module-posix-dev-r2.5
  puppet-module-posix-system-r2.5
  puppet-module-win-default-r2.5
  puppet-module-win-dev-r2.5
  puppet-module-win-system-r2.5
  puppet-syntax (~> 2.4)
  yard (>= 0.9.20)

BUNDLED WITH
   2.1.4
