GEM
  remote: https://rubygems.org/
  specs:
    CFPropertyList (2.3.6)
    activesupport (5.2.4.1)
      concurrent-ruby (~> 1.0, >= 1.0.2)
      i18n (>= 0.7, < 2)
      minitest (~> 5.1)
      tzinfo (~> 1.1)
    addressable (2.7.0)
      public_suffix (>= 2.0.2, < 5.0)
    ansi (1.5.0)
    ast (2.4.0)
    aws-eventstream (1.0.3)
    aws-partitions (1.275.0)
    aws-sdk-core (3.90.1)
      aws-eventstream (~> 1.0, >= 1.0.2)
      aws-partitions (~> 1, >= 1.239.0)
      aws-sigv4 (~> 1.1)
      jmespath (~> 1.0)
    aws-sdk-ec2 (1.144.0)
      aws-sdk-core (~> 3, >= 3.71.0)
      aws-sigv4 (~> 1.1)
    aws-sigv4 (1.1.0)
      aws-eventstream (~> 1.0, >= 1.0.2)
    beaker (4.12.0)
      beaker-hostgenerator
      hocon (~> 1.0)
      in-parallel (~> 0.1)
      inifile (~> 3.0)
      minitar (~> 0.6)
      minitest (~> 5.4)
      net-ping (~> 2.0)
      net-scp (~> 1.2)
      net-ssh (~> 5.0)
      open_uri_redirections (~> 0.2.1)
      pry-byebug (~> 3.6)
      rb-readline (~> 0.5.3)
      rsync (~> 1.0.9)
      stringify-hash (~> 0.0)
      thor (~> 0.19)
    beaker-abs (0.5.0)
    beaker-answers (0.26.2)
      hocon (~> 1.0)
      require_all (~> 1.3.2)
      stringify-hash (~> 0.0.0)
    beaker-aws (0.9.0)
      aws-partitions (~> 1.91)
      aws-sdk-ec2 (~> 1.35)
      stringify-hash (~> 0.0.0)
    beaker-docker (0.7.0)
      docker-api
      stringify-hash (~> 0.0.0)
    beaker-google (0.2.1)
      google-api-client (~> 0.8)
      stringify-hash (~> 0.0.0)
    beaker-hostgenerator (1.1.37)
      deep_merge (~> 1.0)
      stringify-hash (~> 0.0.0)
    beaker-i18n_helper (1.1.0)
    beaker-module_install_helper (0.1.7)
      beaker (>= 2.0)
    beaker-openstack (0.3.0)
      fog-openstack (~> 1.0.0)
      stringify-hash (~> 0.0.0)
    beaker-pe (2.1.9)
      beaker (~> 4.0)
      beaker-abs
      beaker-answers (~> 0.0)
      beaker-puppet (~> 1.0)
      beaker-vmpooler (~> 1.0)
      stringify-hash (~> 0.0.0)
    beaker-puppet (1.18.7)
      beaker (~> 4.1)
      in-parallel (~> 0.1)
      oga
      stringify-hash (~> 0.0.0)
    beaker-puppet_install_helper (0.9.8)
      beaker (~> 4.0)
      beaker-pe (~> 2.0)
    beaker-rspec (6.2.4)
      beaker (> 3.0)
      rspec (~> 3.0)
      serverspec (~> 2)
      specinfra (~> 2)
    beaker-task_helper (1.7.4)
    beaker-vagrant (0.6.4)
      stringify-hash (~> 0.0.0)
    beaker-vcloud (1.0.0)
      beaker-vmware
      rbvmomi (~> 1.9)
      stringify-hash (~> 0.0.0)
    beaker-vmpooler (1.3.3)
      stringify-hash (~> 0.0.0)
    beaker-vmware (0.3.0)
      fission (~> 0.4)
      rbvmomi (~> 1.9)
      stringify-hash (~> 0.0.0)
    bindata (2.4.5)
    bolt (1.38.0)
      CFPropertyList (~> 2.2)
      addressable (~> 2.5)
      aws-sdk-ec2 (~> 1)
      concurrent-ruby (~> 1.0)
      hiera-eyaml (~> 3)
      logging (~> 2.2)
      minitar (~> 0.6)
      net-scp (~> 1.2)
      net-ssh (>= 4.0)
      orchestrator_client (~> 0.4)
      puppet (>= 6.4.0, < 7)
      puppet-resource_api (>= 1.8.1)
      r10k (~> 3.1)
      ruby_smb (~> 1.0)
      terminal-table (~> 1.8)
      winrm (~> 2.0)
      winrm-fs (~> 1.3)
    builder (3.2.4)
    byebug (11.0.1)
    childprocess (0.7.1)
      ffi (~> 1.0, >= 1.0.11)
    codecov (0.1.16)
      json
      simplecov
      url
    coderay (1.1.2)
    colored2 (3.1.2)
    concurrent-ruby (1.1.6)
    connection_pool (2.2.2)
    cri (2.15.6)
    declarative (0.0.10)
    declarative-option (0.1.0)
    deep_merge (1.2.1)
    dependency_checker (0.2.0)
      parallel
      puppet_forge (~> 2.2)
      rake (~> 12.3)
      semantic_puppet (~> 1.0)
    diff-lcs (1.3)
    docile (1.3.2)
    docker-api (1.34.2)
      excon (>= 0.47.0)
      multi_json
    domain_name (0.5.20190701)
      unf (>= 0.0.5, < 1.0.0)
    equatable (0.6.1)
    erubi (1.9.0)
    excon (0.72.0)
    facter (2.5.6)
    facterdb (0.8.2)
      facter
      jgrep
    faraday (0.17.3)
      multipart-post (>= 1.2, < 3)
    faraday_middleware (0.13.1)
      faraday (>= 0.7.4, < 1.0)
    fast_gettext (1.1.2)
    ffi (1.9.25)
    ffi-compiler (1.0.1)
      ffi (>= 1.0.0)
      rake
    fission (0.5.0)
      CFPropertyList (~> 2.2)
    fog-core (2.2.0)
      builder
      excon (~> 0.71)
      formatador (~> 0.2)
      mime-types
    fog-json (1.2.0)
      fog-core
      multi_json (~> 1.10)
    fog-openstack (1.0.10)
      fog-core (~> 2.1)
      fog-json (>= 1.0)
      ipaddress (>= 0.8)
    formatador (0.2.5)
    gettext (3.2.9)
      locale (>= 2.0.5)
      text (>= 1.3.0)
    gettext-setup (0.34)
      fast_gettext (~> 1.1.0)
      gettext (>= 3.0.2, < 3.3.0)
      locale
    google-api-client (0.37.1)
      addressable (~> 2.5, >= 2.5.1)
      googleauth (~> 0.9)
      httpclient (>= 2.8.1, < 3.0)
      mini_mime (~> 1.0)
      representable (~> 3.0)
      retriable (>= 2.0, < 4.0)
      signet (~> 0.12)
    googleauth (0.11.0)
      faraday (>= 0.17.3, < 2.0)
      jwt (>= 1.4, < 3.0)
      memoist (~> 0.16)
      multi_json (~> 1.11)
      os (>= 0.9, < 2.0)
      signet (~> 0.12)
    gssapi (1.3.0)
      ffi (>= 1.0.1)
    gyoku (1.3.1)
      builder (>= 2.1.2)
    hiera (3.5.0)
    hiera-eyaml (3.2.0)
      highline (~> 1.6.19)
      optimist
    highline (1.6.21)
    hirb (0.7.3)
    hitimes (1.3.0)
    hocon (1.2.5)
    honeycomb-beeline (1.3.0)
      libhoney (~> 1.8)
    http (4.3.0)
      addressable (~> 2.3)
      http-cookie (~> 1.0)
      http-form_data (~> 2.2)
      http-parser (~> 1.2.0)
    http-accept (1.7.0)
    http-cookie (1.0.3)
      domain_name (~> 0.5)
    http-form_data (2.2.0)
    http-parser (1.2.1)
      ffi-compiler (>= 1.0, < 2.0)
    httpclient (2.8.3)
    i18n (1.8.2)
      concurrent-ruby (~> 1.0)
    in-parallel (0.1.17)
    inifile (3.0.0)
    ipaddress (0.8.3)
    jgrep (1.5.1)
    jmespath (1.4.0)
    json (2.3.0)
    json-schema (2.8.0)
      addressable (>= 2.4)
    json_pure (2.1.0)
    jwt (2.2.1)
    libhoney (1.14.4)
      addressable (~> 2.0)
      http (>= 2.0, < 5.0)
    little-plugger (1.1.4)
    locale (2.1.2)
    log4r (1.1.10)
    logging (2.2.2)
      little-plugger (~> 1.1)
      multi_json (~> 1.10)
    master_manipulator (2.1.1)
      beaker (>= 2.7.0)
      multi_json
    memoist (0.16.2)
    metaclass (0.0.4)
    metadata-json-lint (2.2.0)
      json-schema (~> 2.8)
      spdx-licenses (~> 1.0)
    method_source (0.8.2)
    mime-types (3.3.1)
      mime-types-data (~> 3.2015)
    mime-types-data (3.2019.1009)
    mini_mime (1.0.2)
    mini_portile2 (2.4.0)
    minitar (0.8)
    minitest (5.11.3)
    mocha (1.1.0)
      metaclass (~> 0.0.1)
    multi_json (1.13.1)
    multipart-post (2.1.1)
    necromancer (0.5.1)
    net-http-persistent (3.1.0)
      connection_pool (~> 2.2)
    net-ping (2.0.6)
    net-scp (1.2.1)
      net-ssh (>= 2.6.5)
    net-ssh (5.2.0)
    net-telnet (0.1.1)
    netrc (0.11.0)
    nokogiri (1.10.8)
      mini_portile2 (~> 2.4.0)
    nori (2.6.0)
    oga (2.15)
      ast
      ruby-ll (~> 2.1)
    open_uri_redirections (0.2.1)
    optimist (3.0.0)
    orchestrator_client (0.4.3)
      faraday
      net-http-persistent
    os (1.0.1)
    parallel (1.19.1)
    parallel_tests (2.14.2)
      parallel
    parser (2.5.1.2)
      ast (~> 2.4.0)
    pastel (0.7.3)
      equatable (~> 0.6)
      tty-color (~> 0.5)
    pathspec (0.2.1)
    pdk (1.16.0)
      bundler (>= 1.15.0, < 3.0.0)
      childprocess (~> 0.7.1)
      concurrent-ruby (~> 1.1.5)
      cri (~> 2.10)
      deep_merge (~> 1.1)
      diff-lcs (= 1.3)
      facter (~> 2.5.1)
      ffi (~> 1.9.0)
      gettext-setup (~> 0.24)
      hitimes (= 1.3.0)
      httpclient (~> 2.8.3)
      json-schema (= 2.8.0)
      json_pure (~> 2.1.0)
      minitar (~> 0.6)
      pathspec (~> 0.2.1)
      tty-prompt (~> 0.13)
      tty-spinner (~> 0.5)
      tty-which (~> 0.3)
    powerpack (0.1.2)
    pry (0.10.4)
      coderay (~> 1.1.0)
      method_source (~> 0.8.1)
      slop (~> 3.4)
    pry-byebug (3.7.0)
      byebug (~> 11.0)
      pry (~> 0.10)
    public_suffix (4.0.3)
    puppet (6.8.0)
      facter (> 2.0.1, < 4)
      fast_gettext (~> 1.1)
      hiera (>= 3.2.1, < 4)
      httpclient (~> 2.8)
      locale (~> 2.1)
      multi_json (~> 1.10)
      puppet-resource_api (~> 1.5)
      semantic_puppet (~> 1.0)
    puppet-blacksmith (5.0.0)
      rest-client (~> 2.0)
    puppet-lint (2.4.2)
    puppet-module-posix-default-r2.6 (0.4.4)
    puppet-module-posix-dev-r2.6 (0.4.2)
      activesupport (>= 5.0.0, < 6.0.0)
      codecov (~> 0.1.10)
      dependency_checker (~> 0.2)
      facterdb (~> 0.8.1)
      gettext-setup (~> 0.26)
      metadata-json-lint (>= 2.0.2, < 3.0.0)
      mocha (>= 1.0.0, < 1.2.0)
      parallel_tests (>= 2.14.1, < 2.14.3)
      parser (~> 2.5.1.2)
      pry (~> 0.10.4)
      puppet-blacksmith (>= 3.4.0)
      puppet-lint (>= 2.3.0, < 3.0.0)
      puppet-resource_api (~> 1.6)
      puppet-strings (~> 2.0)
      puppet-syntax (>= 2.4.1, < 3.0.0)
      puppet_litmus (>= 0.4.0, < 1.0.0)
      puppet_pot_generator (~> 1.0)
      puppetlabs_spec_helper (>= 2.9.0, < 3.0.0)
      rainbow (~> 2.0)
      rspec-puppet (>= 2.3.2, < 3.0.0)
      rspec-puppet-facts (~> 1.9.5)
      rspec_junit_formatter (~> 0.2)
      rubocop (~> 0.49.0)
      rubocop-i18n (~> 1.2.0)
      rubocop-rspec (~> 1.16.0)
      serverspec (~> 2.41)
      simplecov (>= 0.14.1, < 1.0.0)
      simplecov-console (~> 0.4.2)
      specinfra (= 2.77.1)
    puppet-module-posix-system-r2.6 (0.4.4)
      beaker (>= 4.0.0, < 5.0.0)
      beaker-abs (>= 0.4.0, < 1.0.0)
      beaker-aws (>= 0.6.0, < 1.0.0)
      beaker-docker (>= 0.3.3, < 1.0.0)
      beaker-google (>= 0.1.0, < 1.0.0)
      beaker-hostgenerator (>= 1.1.14, < 2.0.0)
      beaker-i18n_helper (~> 1.1)
      beaker-module_install_helper (>= 0.1.4, < 1.0.0)
      beaker-openstack (>= 0.2.0, < 1.0.0)
      beaker-pe (>= 2.0.0, < 3.0.0)
      beaker-puppet (>= 1.6.0, < 2.0.0)
      beaker-puppet_install_helper (>= 0.7.1, < 1.0.0)
      beaker-rspec (>= 6.2.4, < 7.0.0)
      beaker-task_helper (>= 1.1.0, < 2.0.0)
      beaker-vagrant (>= 0.5.0, < 1.0.0)
      beaker-vcloud (>= 1.0.0, < 2.0.0)
      beaker-vmpooler (>= 1.3.0, < 2.0.0)
      beaker-vmware (>= 0.3.0, < 1.0.0)
      master_manipulator (>= 2.1.1, < 3.0.0)
    puppet-resource_api (1.8.6)
      hocon (>= 1.0)
    puppet-strings (2.4.0)
      rgen
      yard (~> 0.9.5)
    puppet-syntax (2.6.1)
      puppet (>= 5)
      rake
    puppet_forge (2.3.3)
      faraday (>= 0.9.0, < 0.18.0, != 0.13.1)
      faraday_middleware (>= 0.9.0, < 0.14.0)
      gettext-setup (~> 0.11)
      minitar
      semantic_puppet (~> 1.0)
    puppet_litmus (0.15.0)
      bolt (>= 1.13.1, < 2.0.0)
      docker-api (>= 1.34, < 2.0.0)
      honeycomb-beeline
      parallel
      pdk (>= 1.10.0, < 2.0.0)
      rspec
      tty-spinner (>= 0.5.0, < 1.0.0)
    puppet_pot_generator (1.0.1)
      puppet
    puppetlabs_spec_helper (2.14.1)
      mocha (~> 1.0)
      pathspec (~> 0.2.1)
      puppet-lint (~> 2.0)
      puppet-syntax (~> 2.0)
      rspec-puppet (~> 2.0)
    r10k (3.4.0)
      colored2 (= 3.1.2)
      cri (= 2.15.6)
      gettext-setup (~> 0.24)
      log4r (= 1.1.10)
      multi_json (~> 1.10)
      puppet_forge (~> 2.3.0)
    rainbow (2.2.2)
      rake
    rake (12.3.3)
    rb-readline (0.5.5)
    rbvmomi (1.13.0)
      builder (~> 3.0)
      json (>= 1.8)
      nokogiri (~> 1.5)
      trollop (~> 2.1)
    representable (3.0.4)
      declarative (< 0.1.0)
      declarative-option (< 0.2.0)
      uber (< 0.2.0)
    require_all (1.3.3)
    rest-client (2.1.0)
      http-accept (>= 1.7.0, < 2.0)
      http-cookie (>= 1.0.2, < 2.0)
      mime-types (>= 1.16, < 4.0)
      netrc (~> 0.8)
    retriable (3.1.2)
    rgen (0.8.2)
    rspec (3.8.0)
      rspec-core (~> 3.8.0)
      rspec-expectations (~> 3.8.0)
      rspec-mocks (~> 3.8.0)
    rspec-core (3.8.2)
      rspec-support (~> 3.8.0)
    rspec-expectations (3.8.4)
      diff-lcs (>= 1.2.0, < 2.0)
      rspec-support (~> 3.8.0)
    rspec-its (1.3.0)
      rspec-core (>= 3.0.0)
      rspec-expectations (>= 3.0.0)
    rspec-mocks (3.8.1)
      diff-lcs (>= 1.2.0, < 2.0)
      rspec-support (~> 3.8.0)
    rspec-puppet (2.7.8)
      rspec
    rspec-puppet-facts (1.9.6)
      facter
      facterdb (>= 0.5.0)
      json
      puppet
    rspec-support (3.8.2)
    rspec_junit_formatter (0.4.1)
      rspec-core (>= 2, < 4, != 2.12.0)
    rsync (1.0.9)
    rubocop (0.49.1)
      parallel (~> 1.10)
      parser (>= 2.3.3.1, < 3.0)
      powerpack (~> 0.1)
      rainbow (>= 1.99.1, < 3.0)
      ruby-progressbar (~> 1.7)
      unicode-display_width (~> 1.0, >= 1.0.1)
    rubocop-i18n (1.2.0)
      rubocop (~> 0.49.0)
    rubocop-rspec (1.16.0)
      rubocop (>= 0.49.0)
    ruby-ll (2.1.2)
      ansi
      ast
    ruby-progressbar (1.10.1)
    ruby_smb (1.1.0)
      bindata
      rubyntlm
      windows_error
    rubyntlm (0.6.2)
    rubyzip (2.2.0)
    semantic_puppet (1.0.2)
    serverspec (2.41.5)
      multi_json
      rspec (~> 3.0)
      rspec-its
      specinfra (~> 2.72)
    sfl (2.3)
    signet (0.13.0)
      addressable (~> 2.3)
      faraday (>= 0.17.3, < 2.0)
      jwt (>= 1.5, < 3.0)
      multi_json (~> 1.10)
    simplecov (0.18.4)
      docile (~> 1.1)
      simplecov-html (~> 0.11)
    simplecov-console (0.4.2)
      ansi
      hirb
      simplecov
    simplecov-html (0.12.1)
    slop (3.6.0)
    spdx-licenses (1.2.0)
    specinfra (2.77.1)
      net-scp
      net-ssh (>= 2.7)
      net-telnet (= 0.1.1)
      sfl
    stringify-hash (0.0.2)
    terminal-table (1.8.0)
      unicode-display_width (~> 1.1, >= 1.1.1)
    text (1.3.1)
    thor (0.20.3)
    thread_safe (0.3.6)
    trollop (2.9.10)
    tty-color (0.5.1)
    tty-cursor (0.7.1)
    tty-prompt (0.20.0)
      necromancer (~> 0.5.0)
      pastel (~> 0.7.0)
      tty-reader (~> 0.7.0)
    tty-reader (0.7.0)
      tty-cursor (~> 0.7)
      tty-screen (~> 0.7)
      wisper (~> 2.0.0)
    tty-screen (0.7.1)
    tty-spinner (0.9.3)
      tty-cursor (~> 0.7)
    tty-which (0.4.2)
    tzinfo (1.2.6)
      thread_safe (~> 0.1)
    uber (0.1.0)
    unf (0.1.4)
      unf_ext
    unf_ext (0.0.7.6)
    unicode-display_width (1.6.1)
    url (0.3.2)
    windows_error (0.1.2)
    winrm (2.3.4)
      builder (>= 2.1.2)
      erubi (~> 1.8)
      gssapi (~> 1.2)
      gyoku (~> 1.0)
      httpclient (~> 2.2, >= 2.2.0.2)
      logging (>= 1.6.1, < 3.0)
      nori (~> 2.0)
      rubyntlm (~> 0.6.0, >= 0.6.1)
    winrm-fs (1.3.4)
      erubi (~> 1.8)
      logging (>= 1.6.1, < 3.0)
      rubyzip (~> 2.0)
      winrm (~> 2.0)
    wisper (2.0.1)
    yard (0.9.24)

PLATFORMS
  ruby

DEPENDENCIES
  beaker (>= 4)
  beaker-abs (~> 0.1)
  beaker-hostgenerator
  beaker-pe
  beaker-rspec (= 6.2.4)
  fast_gettext
  puppet
  puppet-module-posix-default-r2.6
  puppet-module-posix-dev-r2.6
  puppet-module-posix-system-r2.6
  puppet-module-win-default-r2.6
  puppet-module-win-dev-r2.6
  puppet-module-win-system-r2.6

BUNDLED WITH
   1.17.2
